GEM
  remote: https://rubygems.org/
  specs:
    albacore (1.0.0)
      nokogiri (~> 1.5)
      rake (~> 10.0)
      rubyzip (~> 1.0)
    mini_portile (0.6.2)
    nokogiri (1.6.6.2)
      mini_portile (~> 0.6.0)
    nokogiri (1.6.6.2-x86-mingw32)
      mini_portile (~> 0.6.0)
    rake (10.4.2)
    rubyzip (1.3.0)

PLATFORMS
  ruby
  x86-mingw32

DEPENDENCIES
  albacore (~> 1.0)
  nokogiri

BUNDLED WITH
   1.10.5
