GEM
  remote: https://rubygems.org/
  specs:
    albacore (1.0.0)
      nokogiri (~> 1.5)
      rake (~> 10.0)
      rubyzip (~> 1.0)
    mini_portile2 (2.5.0)
    nokogiri (1.11.0)
      mini_portile2 (~> 2.5.0)
      racc (~> 1.4)
    nokogiri (1.11.0-x86-mingw32)
      racc (~> 1.4)
    racc (1.5.2)
    rake (10.4.2)
    rubyzip (1.1.7)

PLATFORMS
  ruby
  x86-mingw32

DEPENDENCIES
  albacore (~> 1.0)
  nokogiri

BUNDLED WITH
   1.10.5
